PATH
  remote: .
  specs:
    vcsmap (1.0.0)
      http (~> 2.0, >= 2.0.3)
      nokogiri (~> 1.6, >= 1.6.8)
      require_all (~> 1.3, >= 1.3.3)
      tty (~> 0.5.0)

GEM
  remote: https://rubygems.org/
  specs:
    addressable (2.4.0)
    coderay (1.1.1)
    domain_name (0.5.20160615)
      unf (>= 0.0.5, < 1.0.0)
    equatable (0.5.0)
    http (2.0.3)
      addressable (~> 2.3)
      http-cookie (~> 1.0)
      http-form_data (~> 1.0.1)
      http_parser.rb (~> 0.6.0)
    http-cookie (1.0.2)
      domain_name (~> 0.5)
    http-form_data (1.0.1)
    http_parser.rb (0.6.0)
    method_source (0.8.2)
    mini_portile2 (2.1.0)
    necromancer (0.3.0)
    nokogiri (1.6.8)
      mini_portile2 (~> 2.1.0)
      pkg-config (~> 1.1.7)
    pastel (0.6.1)
      equatable (~> 0.5.0)
      tty-color (~> 0.3.0)
    pkg-config (1.1.7)
    pry (0.10.4)
      coderay (~> 1.1.0)
      method_source (~> 0.8.1)
      slop (~> 3.4)
    require_all (1.3.3)
    slop (3.6.0)
    tty (0.5.0)
      equatable (~> 0.5.0)
      pastel (~> 0.6.0)
      tty-color (~> 0.3.0)
      tty-command (~> 0.1.0)
      tty-cursor (~> 0.3.0)
      tty-pager (~> 0.4.0)
      tty-platform (~> 0.1.0)
      tty-progressbar (~> 0.9.0)
      tty-prompt (~> 0.6.0)
      tty-screen (~> 0.5.0)
      tty-spinner (~> 0.2.0)
      tty-table (~> 0.5.0)
      tty-which (~> 0.1.0)
    tty-color (0.3.0)
    tty-command (0.1.0)
      pastel (~> 0.6.0)
    tty-cursor (0.3.0)
    tty-pager (0.4.0)
      tty-screen (~> 0.5.0)
      tty-which (~> 0.1.0)
      verse (~> 0.4.0)
    tty-platform (0.1.0)
    tty-progressbar (0.9.0)
      tty-screen (~> 0.5.0)
    tty-prompt (0.6.0)
      necromancer (~> 0.3.0)
      pastel (~> 0.6.0)
      tty-cursor (~> 0.3.0)
      tty-platform (~> 0.1.0)
      wisper (~> 1.6.1)
    tty-screen (0.5.0)
    tty-spinner (0.2.0)
    tty-table (0.5.0)
      equatable (~> 0.5.0)
      necromancer (~> 0.3.0)
      pastel (~> 0.6.0)
      tty-screen (~> 0.5.0)
      unicode_utils (~> 1.4.0)
      verse (~> 0.4.0)
    tty-which (0.1.0)
    unf (0.1.4)
      unf_ext
    unf_ext (0.0.7.2)
    unicode_utils (1.4.0)
    verse (0.4.0)
      unicode_utils (~> 1.4.0)
    wisper (1.6.1)

PLATFORMS
  ruby

DEPENDENCIES
  pry
  vcsmap!

BUNDLED WITH
   1.12.5
